PATH
  remote: .
  specs:
    web_log_parser (0.2.0)

GEM
  remote: https://rubygems.org/
  specs:
    rake (10.1.0)

PLATFORMS
  ruby

DEPENDENCIES
  bundler (~> 1.3)
  rake
  web_log_parser!
