PATH
  remote: .
  specs:
    web_log_parser (0.2.0)

GEM
  remote: https://rubygems.org/
  specs:
    minitest (5.8.4)
    rake (10.5.0)

PLATFORMS
  ruby

DEPENDENCIES
  bundler
  minitest
  rake
  web_log_parser!

BUNDLED WITH
   1.10.6
