PATH
  remote: .
  specs:
    apache_log_parser (0.0.1)

GEM
  remote: https://rubygems.org/
  specs:
    rake (10.1.0)

PLATFORMS
  ruby

DEPENDENCIES
  apache_log_parser!
  bundler (~> 1.3)
  rake
